GEM
  remote: http://rubygems.org/
  specs:
    chunky_png (1.3.6)
    compass (1.0.3)
      chunky_png (~> 1.2)
      compass-core (~> 1.0.2)
      compass-import-once (~> 1.0.5)
      rb-fsevent (>= 0.9.3)
      rb-inotify (>= 0.9)
      sass (>= 3.3.13, < 3.5)
    compass-core (1.0.3)
      multi_json (~> 1.0)
      sass (>= 3.3.0, < 3.5)
    compass-import-once (1.0.5)
      sass (>= 3.2, < 3.5)
    compass-normalize (1.5)
      compass (>= 0.12.0)
    ffi (1.9.14-x64-mingw32)
    haml (4.0.7)
      tilt
    multi_json (1.12.1)
    rb-fsevent (0.9.7)
    rb-inotify (0.9.7)
      ffi (>= 0.5.0)
    sass (3.4.21)
    tilt (2.0.5)

PLATFORMS
  x64-mingw32

DEPENDENCIES
  compass (= 1.0.3)
  compass-normalize (= 1.5)
  haml (= 4.0.7)
  sass (= 3.4.21)

BUNDLED WITH
   1.12.5
